GIT
  remote: https://0bb047fe3ee12dd67af1fc2d6616d73c191912cd:x-oauth-basic@github.com/mharris717/mongoid_gem_config.git
  revision: b248104cf2fa43dd35162b8a8f6cc624f7a9dfdc
  branch: master
  specs:
    mongoid_gem_config (0.3.0)
      mharris_ext
      mongoid

GIT
  remote: https://0bb047fe3ee12dd67af1fc2d6616d73c191912cd:x-oauth-basic@github.com/mharris717/remote_cache.git
  revision: 1cd16b66f96a86e9a213b5294ec669d9704c267c
  branch: master
  specs:
    remote_cache (0.0.1)
      mharris_ext
      mongoid
      mongoid_gem_config (= 0.3.0)

GEM
  remote: http://rubygems.org/
  specs:
    activesupport (2.3.18)
    addressable (2.3.5)
    andand (1.3.3)
    bson (1.2.4)
    builder (3.2.2)
    celluloid (0.15.2)
      timers (~> 1.1.0)
    celluloid-io (0.15.0)
      celluloid (>= 0.15.0)
      nio4r (>= 0.5.0)
    childprocess (0.5.1)
      ffi (~> 1.0, >= 1.0.11)
    coderay (1.1.0)
    diff-lcs (1.1.3)
    durran-validatable (2.0.1)
    facets (2.9.3)
    faraday (0.8.9)
      multipart-post (~> 1.2.0)
    fattr (2.2.2)
    ffi (1.9.3)
    formatador (0.2.4)
    git (1.2.6)
    github_api (0.10.1)
      addressable
      faraday (~> 0.8.1)
      hashie (>= 1.2)
      multi_json (~> 1.4)
      nokogiri (~> 1.5.2)
      oauth2
    grit (2.5.0)
      diff-lcs (~> 1.1)
      mime-types (~> 1.15)
      posix-spawn (~> 0.3.6)
    guard (2.5.1)
      formatador (>= 0.2.4)
      listen (~> 2.6)
      lumberjack (~> 1.0)
      pry (>= 0.9.12)
      thor (>= 0.18.1)
    guard-rspec (1.2.1)
      guard (>= 1.1)
    guard-spork (1.5.1)
      childprocess (>= 0.2.3)
      guard (>= 1.1)
      spork (>= 0.8.4)
    hashie (2.0.5)
    highline (1.6.21)
    jeweler (1.8.8)
      builder
      bundler (~> 1.0)
      git (>= 1.2.5)
      github_api (= 0.10.1)
      highline (>= 1.6.15)
      nokogiri (= 1.5.10)
      rake
      rdoc
    json (1.8.1)
    jwt (0.1.11)
      multi_json (>= 1.5)
    listen (2.7.0)
      celluloid (>= 0.15.2)
      celluloid-io (>= 0.15.0)
      rb-fsevent (>= 0.9.3)
      rb-inotify (>= 0.9)
    lre (0.3.0)
      fattr
      mharris_ext
      watchr
    lumberjack (1.0.4)
    method_source (0.8.2)
    mharris_ext (1.7.1)
      facets
      fattr
    mime-types (1.25.1)
    mongo (1.2.4)
      bson (>= 1.2.4)
    mongoid (1.9.5)
      activesupport (< 3.0.0)
      bson (~> 1.2.1)
      durran-validatable (>= 2.0.1)
      mongo (~> 1.2.1)
      will_paginate (< 2.9)
    multi_json (1.9.2)
    multi_xml (0.5.5)
    multipart-post (1.2.0)
    nio4r (1.0.0)
    nokogiri (1.5.10)
    oauth2 (0.9.3)
      faraday (>= 0.8, < 0.10)
      jwt (~> 0.1.8)
      multi_json (~> 1.3)
      multi_xml (~> 0.5)
      rack (~> 1.2)
    posix-spawn (0.3.6)
    pry (0.9.12.6)
      coderay (~> 1.0)
      method_source (~> 0.8)
      slop (~> 3.4)
    rack (1.5.2)
    rake (10.1.1)
    rb-fsevent (0.9.4)
    rb-inotify (0.9.3)
      ffi (>= 0.5.0)
    rdoc (3.12.2)
      json (~> 1.4)
    rr (1.1.2)
    rspec (2.8.0)
      rspec-core (~> 2.8.0)
      rspec-expectations (~> 2.8.0)
      rspec-mocks (~> 2.8.0)
    rspec-core (2.8.0)
    rspec-expectations (2.8.0)
      diff-lcs (~> 1.1.2)
    rspec-mocks (2.8.0)
    slop (3.5.0)
    spork (0.9.2)
    thor (0.18.1)
    timers (1.1.0)
    watchr (0.7)
    will_paginate (2.3.16)

PLATFORMS
  ruby

DEPENDENCIES
  andand
  bundler (>= 1.0)
  grit
  guard
  guard-rspec
  guard-spork
  jeweler (~> 1.8.7)
  lre
  mharris_ext
  mongoid_gem_config!
  rb-fsevent (~> 0.9)
  rdoc (~> 3.12)
  remote_cache!
  rr
  rspec (~> 2.8.0)
